!INTERFILE  :=
!name of data file := init.v
!total number of images := 1
!data offset in bytes := 0
!imagedata byte order := LITTLEENDIAN
!number format := short float
!number of bytes per pixel := 4
matrix axis label [1] := x
!matrix size [1] := 125
scaling factor (mm/pixel) [1] := 2.03125
matrix axis label [2] := y
!matrix size [2] := 125
scaling factor (mm/pixel) [2] := 2.03125
;Correct value is of keyword (commented out)
;!slice thickness (pixels) := 1
;Value for Analyze
!slice thickness (pixels) := 2.03125
!END OF INTERFILE :=
